STORAGE: NONE
RESTRICTION: == net8.0
NUGET
  remote: https://api.nuget.org/v3/index.json
    Azure.Core (1.37)
      Microsoft.Bcl.AsyncInterfaces (>= 1.1.1)
      System.Diagnostics.DiagnosticSource (>= 6.0.1)
      System.Memory.Data (>= 1.0.2)
      System.Numerics.Vectors (>= 4.5)
      System.Text.Encodings.Web (>= 4.7.2)
      System.Text.Json (>= 4.7.2)
      System.Threading.Tasks.Extensions (>= 4.5.4)
    Azure.Data.Tables (12.8.2)
      Azure.Core (>= 1.36)
      System.Text.Json (>= 4.7.2)
    Azure.Search.Documents (11.5.1)
      Azure.Core (>= 1.36)
      System.Text.Json (>= 4.7.2)
      System.Threading.Channels (>= 4.7.1)
    Azure.Storage.Blobs (12.19.1)
      Azure.Storage.Common (>= 12.18.1)
      System.Text.Json (>= 4.7.2)
    Azure.Storage.Common (12.18.1)
      Azure.Core (>= 1.36)
      System.IO.Hashing (>= 6.0)
    Expecto (9.0.4)
      FSharp.Core (>= 4.6)
      Mono.Cecil (>= 0.11.3)
    Fable.AST (4.3)
    Fable.Browser.Blob (1.3)
      Fable.Core (>= 3.0)
      FSharp.Core (>= 4.7.2)
    Fable.Browser.Dom (2.15)
      Fable.Browser.Blob (>= 1.3)
      Fable.Browser.Event (>= 1.5)
      Fable.Browser.WebStorage (>= 1.2)
      Fable.Core (>= 3.2.8)
      FSharp.Core (>= 4.7.2)
    Fable.Browser.Event (1.5)
      Fable.Browser.Gamepad (>= 1.1)
      Fable.Core (>= 3.0)
      FSharp.Core (>= 4.7.2)
    Fable.Browser.Gamepad (1.2)
      Fable.Core (>= 3.0)
      FSharp.Core (>= 4.7.2)
    Fable.Browser.WebStorage (1.2)
      Fable.Browser.Event (>= 1.5)
      Fable.Core (>= 3.0)
      FSharp.Core (>= 4.7.2)
    Fable.Browser.XMLHttpRequest (1.3)
      Fable.Browser.Blob (>= 1.3)
      Fable.Browser.Event (>= 1.5)
      Fable.Core (>= 3.0)
      FSharp.Core (>= 4.7.2)
    Fable.Core (4.2)
    Fable.Elmish (4.1)
      Fable.Core (>= 3.7.1)
      FSharp.Core (>= 4.7.2)
    Fable.Elmish.Debugger (4.0)
      Fable.Elmish (>= 4.0)
      FSharp.Core (>= 6.0.7)
      Thoth.Json (>= 6.0)
    Fable.Elmish.HMR (7.0)
      Fable.Core (>= 3.7.1)
      Fable.Elmish.React (>= 4.0)
      FSharp.Core (>= 4.7.2)
    Fable.Elmish.React (4.0)
      Fable.Elmish (>= 4.0)
      Fable.ReactDom.Types (>= 18.0)
      FSharp.Core (>= 4.7.2)
    Fable.Mocha (2.17)
      Fable.Core (>= 3.0)
      FSharp.Core (>= 4.7)
    Fable.Parsimmon (4.1)
      Fable.Core (>= 3.0)
      FSharp.Core (>= 4.6.2)
    Fable.React (9.3)
      Fable.React.Types (>= 18.3)
      Fable.ReactDom.Types (>= 18.2)
      FSharp.Core (>= 4.7.2)
    Fable.React.Types (18.3)
      Fable.Browser.Dom (>= 2.4.4)
      Fable.Core (>= 3.2.7)
      FSharp.Core (>= 4.7.2)
    Fable.ReactDom.Types (18.2)
      Fable.React.Types (>= 18.3)
      FSharp.Core (>= 4.7.2)
    Fable.Remoting.Client (7.30)
      Fable.Browser.XMLHttpRequest (>= 1.0)
      Fable.Core (>= 3.1.5)
      Fable.Remoting.MsgPack (>= 1.21)
      Fable.SimpleJson (>= 3.24)
      FSharp.Core (>= 4.7.2)
    Fable.Remoting.Giraffe (5.18)
      Fable.Remoting.Server (>= 5.36)
      FSharp.Core (>= 6.0)
      Giraffe (>= 5.0)
      Microsoft.IO.RecyclableMemoryStream (>= 3.0 < 4.0)
    Fable.Remoting.Json (2.23)
      FSharp.Core (>= 6.0)
      Newtonsoft.Json (>= 12.0.2)
    Fable.Remoting.MsgPack (1.21)
      FSharp.Core (>= 4.7.2)
    Fable.Remoting.Server (5.36)
      Fable.Remoting.Json (>= 2.23)
      Fable.Remoting.MsgPack (>= 1.21)
      FSharp.Core (>= 6.0)
      Microsoft.IO.RecyclableMemoryStream (>= 3.0 < 4.0)
    Fable.SimpleJson (3.24)
      Fable.Core (>= 3.1.5)
      Fable.Parsimmon (>= 4.0)
      FSharp.Core (>= 4.7)
    Fake.Core.CommandLineParsing (6.0)
      FParsec (>= 1.1.1)
      FSharp.Core (>= 6.0.3)
    Fake.Core.Context (6.0)
      FSharp.Core (>= 6.0.3)
    Fake.Core.Environment (6.0)
      FSharp.Core (>= 6.0.3)
    Fake.Core.FakeVar (6.0)
      Fake.Core.Context (>= 6.0)
      FSharp.Core (>= 6.0.3)
    Fake.Core.Process (5.23.1)
      Fake.Core.Environment (>= 5.23.1)
      Fake.Core.FakeVar (>= 5.23.1)
      Fake.Core.String (>= 5.23.1)
      Fake.Core.Trace (>= 5.23.1)
      Fake.IO.FileSystem (>= 5.23.1)
      FSharp.Core (>= 6.0)
      System.Collections.Immutable (>= 5.0)
    Fake.Core.String (6.0)
      FSharp.Core (>= 6.0.3)
    Fake.Core.Target (5.23.1)
      Fake.Core.CommandLineParsing (>= 5.23.1)
      Fake.Core.Context (>= 5.23.1)
      Fake.Core.Environment (>= 5.23.1)
      Fake.Core.FakeVar (>= 5.23.1)
      Fake.Core.Process (>= 5.23.1)
      Fake.Core.String (>= 5.23.1)
      Fake.Core.Trace (>= 5.23.1)
      FSharp.Control.Reactive (>= 5.0.2)
      FSharp.Core (>= 6.0)
    Fake.Core.Trace (6.0)
      Fake.Core.Environment (>= 6.0)
      Fake.Core.FakeVar (>= 6.0)
      FSharp.Core (>= 6.0.3)
    Fake.IO.FileSystem (5.23.1)
      Fake.Core.String (>= 5.23.1)
      FSharp.Core (>= 6.0)
    Farmer (1.8.4)
      FSharp.Core (>= 5.0)
      System.Text.Json (>= 5.0)
    Feliz (2.7)
      Fable.ReactDom.Types (>= 18.2)
      Feliz.CompilerPlugins (>= 2.2)
      FSharp.Core (>= 4.7.2)
    Feliz.AgGrid (1.0)
      Fable.Core (>= 4.2)
      Feliz (>= 2.7)
    Feliz.Bulma (3.0)
      Feliz (>= 2.4)
      FSharp.Core (>= 4.7.2)
    Feliz.Bulma.QuickView (3.0)
      Feliz (>= 2.4)
      Feliz.Bulma (>= 3.0)
      FSharp.Core (>= 4.7.2)
    Feliz.Bulma.Slider (3.0)
      Feliz (>= 2.4)
      Feliz.Bulma (>= 3.0)
      FSharp.Core (>= 4.7.2)
    Feliz.CompilerPlugins (2.2)
      Fable.AST (>= 4.2.1)
      FSharp.Core (>= 4.7.2)
    Feliz.PigeonMaps (3.0)
      Feliz (>= 2.0)
      FSharp.Core (>= 4.7.2)
    Feliz.ReactLoadingSkeleton (1.0)
      Fable.Core (>= 4.2)
      Feliz (>= 2.7)
    Feliz.Recharts (4.2)
      Feliz (>= 2.3)
      FSharp.Core (>= 4.7.2)
    Feliz.Tippy (1.0)
      Fable.Core (>= 4.2 < 5.0)
      Feliz (>= 2.7 < 3.0)
      FSharp.Core (>= 8.0.100 < 9.0)
    Feliz.UseElmish (2.5)
      Fable.Elmish (>= 4.0)
      FSharp.Core (>= 4.7.2)
    FParsec (1.1.1)
      FSharp.Core (>= 4.3.4)
    FSharp.Control.AsyncSeq (3.2.1)
      FSharp.Core (>= 4.7.2)
      Microsoft.Bcl.AsyncInterfaces (>= 5.0)
    FSharp.Control.Reactive (5.0.5)
      FSharp.Core (>= 4.7.2)
      System.Reactive (>= 5.0 < 6.0)
    FSharp.Control.Websockets (0.2.3)
      FSharp.Core (>= 6.0)
      Microsoft.IO.RecyclableMemoryStream (>= 2.2.1)
    FSharp.Core (8.0.101)
    FSharp.Data (6.3)
      FSharp.Core (>= 5.0.1)
      FSharp.Data.Csv.Core (>= 6.3)
      FSharp.Data.Html.Core (>= 6.3)
      FSharp.Data.Http (>= 6.3)
      FSharp.Data.Json.Core (>= 6.3)
      FSharp.Data.Runtime.Utilities (>= 6.3)
      FSharp.Data.WorldBank.Core (>= 6.3)
      FSharp.Data.Xml.Core (>= 6.3)
    FSharp.Data.Csv.Core (6.3)
      FSharp.Core (>= 5.0.1)
      FSharp.Data.Runtime.Utilities (>= 6.3)
    FSharp.Data.Html.Core (6.3)
      FSharp.Core (>= 5.0.1)
      FSharp.Data.Csv.Core (>= 6.3)
      FSharp.Data.Runtime.Utilities (>= 6.3)
    FSharp.Data.Http (6.3)
      FSharp.Core (>= 5.0.1)
    FSharp.Data.Json.Core (6.3)
      FSharp.Core (>= 5.0.1)
      FSharp.Data.Http (>= 6.3)
      FSharp.Data.Runtime.Utilities (>= 6.3)
    FSharp.Data.Runtime.Utilities (6.3)
      FSharp.Core (>= 5.0.1)
      FSharp.Data.Http (>= 6.3)
    FSharp.Data.WorldBank.Core (6.3)
      FSharp.Core (>= 5.0.1)
      FSharp.Data.Http (>= 6.3)
      FSharp.Data.Json.Core (>= 6.3)
      FSharp.Data.Runtime.Utilities (>= 6.3)
    FSharp.Data.Xml.Core (6.3)
      FSharp.Core (>= 5.0.1)
      FSharp.Data.Http (>= 6.3)
      FSharp.Data.Json.Core (>= 6.3)
      FSharp.Data.Runtime.Utilities (>= 6.3)
    Fulma (3.0)
      Fable.Core (>= 3.7.1)
      Fable.React (>= 9.2)
    Giraffe (6.2)
      FSharp.Core (>= 6.0)
      Giraffe.ViewEngine (>= 1.4)
      Microsoft.IO.RecyclableMemoryStream (>= 2.2.1)
      Newtonsoft.Json (>= 13.0.3)
      System.Text.Json (>= 7.0.3)
    Giraffe.ViewEngine (1.4)
      FSharp.Core (>= 5.0)
    Microsoft.AspNetCore.Authentication.JwtBearer (8.0.1)
      Microsoft.IdentityModel.Protocols.OpenIdConnect (>= 7.1.2)
    Microsoft.Azure.Core.Spatial (1.1)
      Microsoft.Spatial (>= 7.5.3)
      System.Text.Encodings.Web (>= 4.7.2)
      System.Text.Json (>= 4.6)
    Microsoft.Bcl.AsyncInterfaces (8.0)
    Microsoft.Extensions.Configuration (8.0)
      Microsoft.Extensions.Configuration.Abstractions (>= 8.0)
      Microsoft.Extensions.Primitives (>= 8.0)
    Microsoft.Extensions.Configuration.Abstractions (8.0)
      Microsoft.Extensions.Primitives (>= 8.0)
    Microsoft.Extensions.Configuration.Binder (8.0.1)
      Microsoft.Extensions.Configuration.Abstractions (>= 8.0)
    Microsoft.Extensions.DependencyInjection (8.0)
      Microsoft.Extensions.DependencyInjection.Abstractions (>= 8.0)
    Microsoft.Extensions.DependencyInjection.Abstractions (8.0)
    Microsoft.Extensions.DependencyModel (8.0)
      System.Text.Encodings.Web (>= 8.0)
      System.Text.Json (>= 8.0)
    Microsoft.Extensions.Diagnostics.Abstractions (8.0)
      Microsoft.Extensions.DependencyInjection.Abstractions (>= 8.0)
      Microsoft.Extensions.Options (>= 8.0)
      System.Diagnostics.DiagnosticSource (>= 8.0)
    Microsoft.Extensions.FileProviders.Abstractions (8.0)
      Microsoft.Extensions.Primitives (>= 8.0)
    Microsoft.Extensions.Hosting.Abstractions (8.0)
      Microsoft.Extensions.Configuration.Abstractions (>= 8.0)
      Microsoft.Extensions.DependencyInjection.Abstractions (>= 8.0)
      Microsoft.Extensions.Diagnostics.Abstractions (>= 8.0)
      Microsoft.Extensions.FileProviders.Abstractions (>= 8.0)
      Microsoft.Extensions.Logging.Abstractions (>= 8.0)
    Microsoft.Extensions.Logging (8.0)
      Microsoft.Extensions.DependencyInjection (>= 8.0)
      Microsoft.Extensions.Logging.Abstractions (>= 8.0)
      Microsoft.Extensions.Options (>= 8.0)
    Microsoft.Extensions.Logging.Abstractions (8.0)
      Microsoft.Extensions.DependencyInjection.Abstractions (>= 8.0)
    Microsoft.Extensions.Logging.Configuration (8.0)
      Microsoft.Extensions.Configuration (>= 8.0)
      Microsoft.Extensions.Configuration.Abstractions (>= 8.0)
      Microsoft.Extensions.Configuration.Binder (>= 8.0)
      Microsoft.Extensions.DependencyInjection.Abstractions (>= 8.0)
      Microsoft.Extensions.Logging (>= 8.0)
      Microsoft.Extensions.Logging.Abstractions (>= 8.0)
      Microsoft.Extensions.Options (>= 8.0)
      Microsoft.Extensions.Options.ConfigurationExtensions (>= 8.0)
    Microsoft.Extensions.Options (8.0.1)
      Microsoft.Extensions.DependencyInjection.Abstractions (>= 8.0)
      Microsoft.Extensions.Primitives (>= 8.0)
    Microsoft.Extensions.Options.ConfigurationExtensions (8.0)
      Microsoft.Extensions.Configuration.Abstractions (>= 8.0)
      Microsoft.Extensions.Configuration.Binder (>= 8.0)
      Microsoft.Extensions.DependencyInjection.Abstractions (>= 8.0)
      Microsoft.Extensions.Options (>= 8.0)
      Microsoft.Extensions.Primitives (>= 8.0)
    Microsoft.Extensions.Primitives (8.0)
    Microsoft.IdentityModel.Abstractions (7.2)
    Microsoft.IdentityModel.JsonWebTokens (7.2)
      Microsoft.IdentityModel.Tokens (>= 7.2)
    Microsoft.IdentityModel.Logging (7.2)
      Microsoft.IdentityModel.Abstractions (>= 7.2)
    Microsoft.IdentityModel.Protocols (7.2)
      Microsoft.IdentityModel.Logging (>= 7.2)
      Microsoft.IdentityModel.Tokens (>= 7.2)
    Microsoft.IdentityModel.Protocols.OpenIdConnect (7.2)
      Microsoft.IdentityModel.Protocols (>= 7.2)
      System.IdentityModel.Tokens.Jwt (>= 7.2)
    Microsoft.IdentityModel.Tokens (7.2)
      Microsoft.IdentityModel.Logging (>= 7.2)
    Microsoft.IO.RecyclableMemoryStream (3.0)
    Microsoft.Spatial (7.20)
    Mono.Cecil (0.11.5)
    Newtonsoft.Json (13.0.3)
    OpenTelemetry (1.7)
      Microsoft.Extensions.Logging (>= 8.0)
      Microsoft.Extensions.Logging.Configuration (>= 8.0)
      OpenTelemetry.Api.ProviderBuilderExtensions (>= 1.7)
    OpenTelemetry.Api (1.7)
      System.Diagnostics.DiagnosticSource (>= 8.0)
    OpenTelemetry.Api.ProviderBuilderExtensions (1.7)
      Microsoft.Extensions.DependencyInjection.Abstractions (>= 8.0)
      OpenTelemetry.Api (>= 1.7)
    OpenTelemetry.Exporter.Console (1.7)
      OpenTelemetry (>= 1.7)
      System.Text.Encodings.Web (>= 4.7.2)
      System.Text.Json (>= 4.7.2)
    OpenTelemetry.Extensions.Hosting (1.7)
      Microsoft.Extensions.Diagnostics.Abstractions (>= 8.0)
      Microsoft.Extensions.Hosting.Abstractions (>= 8.0)
      OpenTelemetry (>= 1.7)
    OpenTelemetry.Instrumentation.AspNetCore (1.7)
      OpenTelemetry.Api.ProviderBuilderExtensions (>= 1.7)
    Saturn (0.16.1)
      FSharp.Control.Websockets (>= 0.2.2)
      Giraffe (>= 6.0)
      Microsoft.AspNetCore.Authentication.JwtBearer (>= 6.0.3)
    Serilog (3.1.1)
    Serilog.AspNetCore (8.0)
      Microsoft.Extensions.DependencyInjection (>= 8.0)
      Microsoft.Extensions.Logging (>= 8.0)
      Serilog (>= 3.1.1)
      Serilog.Extensions.Hosting (>= 8.0)
      Serilog.Extensions.Logging (>= 8.0)
      Serilog.Formatting.Compact (>= 2.0)
      Serilog.Settings.Configuration (>= 8.0)
      Serilog.Sinks.Console (>= 5.0)
      Serilog.Sinks.Debug (>= 2.0)
      Serilog.Sinks.File (>= 5.0)
    Serilog.Extensions.Hosting (8.0)
      Microsoft.Extensions.DependencyInjection.Abstractions (>= 8.0)
      Microsoft.Extensions.Hosting.Abstractions (>= 8.0)
      Microsoft.Extensions.Logging.Abstractions (>= 8.0)
      Serilog (>= 3.1.1)
      Serilog.Extensions.Logging (>= 8.0)
    Serilog.Extensions.Logging (8.0)
      Microsoft.Extensions.Logging (>= 8.0)
      Serilog (>= 3.1.1)
    Serilog.Formatting.Compact (2.0)
      Serilog (>= 3.1)
    Serilog.Settings.Configuration (8.0)
      Microsoft.Extensions.Configuration.Binder (>= 8.0)
      Microsoft.Extensions.DependencyModel (>= 8.0)
      Serilog (>= 3.1.1)
    Serilog.Sinks.Console (5.0.1)
      Serilog (>= 3.1.1)
    Serilog.Sinks.Debug (2.0)
      Serilog (>= 2.10)
    Serilog.Sinks.File (5.0)
      Serilog (>= 2.10)
    System.Collections.Immutable (8.0)
    System.Diagnostics.DiagnosticSource (8.0)
    System.IdentityModel.Tokens.Jwt (7.2)
      Microsoft.IdentityModel.JsonWebTokens (>= 7.2)
      Microsoft.IdentityModel.Tokens (>= 7.2)
    System.IO.Hashing (8.0)
    System.Memory.Data (8.0)
      System.Text.Json (>= 8.0)
    System.Numerics.Vectors (4.5)
    System.Reactive (5.0)
    System.Text.Encodings.Web (8.0)
    System.Text.Json (8.0.1)
      System.Text.Encodings.Web (>= 8.0)
    System.Threading.Channels (8.0)
    System.Threading.Tasks.Extensions (4.5.4)
    Thoth.Json (10.2)
      Fable.Core (>= 3.6.2)
      FSharp.Core (>= 4.7.2)
