STORAGE: NONE
RESTRICTION: == net5.0
NUGET
  remote: https://api.nuget.org/v3/index.json
    Azure.Core (1.16)
      Microsoft.Bcl.AsyncInterfaces (>= 1.0)
      System.Buffers (>= 4.5.1)
      System.Diagnostics.DiagnosticSource (>= 4.6)
      System.Memory (>= 4.5.4)
      System.Memory.Data (>= 1.0.2)
      System.Numerics.Vectors (>= 4.5)
      System.Text.Encodings.Web (>= 4.7.2)
      System.Text.Json (>= 4.6)
      System.Threading.Tasks.Extensions (>= 4.5.2)
    Azure.Data.Tables (12.1)
      Azure.Core (>= 1.16)
      System.Text.Json (>= 4.6)
    Azure.Search.Documents (11.3)
      Azure.Core (>= 1.15)
      System.Text.Json (>= 4.6)
      System.Threading.Channels (>= 4.6)
    Expecto (9.0.2)
      FSharp.Core (>= 4.6)
      Mono.Cecil (>= 0.11.2)
    Fable.AST (3.1.1)
    Fable.Browser.Blob (1.1.4)
      Fable.Core (>= 3.0)
      FSharp.Core (>= 4.7.2)
    Fable.Browser.Dom (2.4.4)
      Fable.Browser.Blob (>= 1.1.4)
      Fable.Browser.Event (>= 1.4.4)
      Fable.Browser.WebStorage (>= 1.0.4)
      Fable.Core (>= 3.0)
      FSharp.Core (>= 4.7.2)
    Fable.Browser.Event (1.4.5)
      Fable.Browser.Gamepad (>= 1.0.3)
      Fable.Core (>= 3.0)
      FSharp.Core (>= 4.7.2)
    Fable.Browser.Gamepad (1.0.3)
      Fable.Core (>= 3.0)
      FSharp.Core (>= 4.7.2)
    Fable.Browser.WebStorage (1.0.4)
      Fable.Browser.Event (>= 1.4.4)
      Fable.Core (>= 3.0)
      FSharp.Core (>= 4.7.2)
    Fable.Browser.XMLHttpRequest (1.1.6)
      Fable.Browser.Blob (>= 1.1.4)
      Fable.Browser.Event (>= 1.4.4)
      Fable.Core (>= 3.0)
      FSharp.Core (>= 4.7.2)
    Fable.Core (3.2.9)
      FSharp.Core (>= 4.7.2)
    Fable.Elmish (3.1)
      Fable.Core (>= 3.0)
      FSharp.Core (>= 4.6.2)
    Fable.Elmish.Browser (3.0.4)
      Fable.Browser.Dom (>= 1.0)
      Fable.Core (>= 3.0)
      Fable.Elmish (>= 3.0)
      FSharp.Core (>= 4.6.2)
    Fable.Elmish.Debugger (3.2)
      Fable.Core (>= 3.1.5)
      Fable.Elmish (>= 3.0)
      FSharp.Core (>= 4.7)
      Thoth.Json (>= 4.0)
    Fable.Elmish.HMR (4.1)
      Fable.Core (>= 3.0)
      Fable.Elmish.Browser (>= 3.0.4)
      Fable.Elmish.React (>= 3.0.1)
      FSharp.Core (>= 4.6.2)
    Fable.Elmish.React (3.0.1)
      Fable.Core (>= 3.0)
      Fable.Elmish (>= 3.0)
      Fable.React (>= 5.1)
      FSharp.Core (>= 4.6.2)
    Fable.FontAwesome (2.0)
      Fable.Core (>= 3.0)
      Fable.React (>= 5.1)
    Fable.FontAwesome.Free (2.1)
      Fable.Core (>= 3.0)
      Fable.FontAwesome (>= 2.0)
      Fable.React (>= 5.1)
    Fable.Mocha (2.10)
      Fable.Core (>= 3.0)
      FSharp.Core (>= 4.7)
    Fable.Parsimmon (4.1)
      Fable.Core (>= 3.0)
      FSharp.Core (>= 4.6.2)
    Fable.Promise (2.2.2)
      Fable.Core (>= 3.1.5)
      FSharp.Core (>= 4.7.2)
    Fable.React (7.4.2)
      Fable.Browser.Dom (>= 2.4.4)
      Fable.Core (>= 3.2.7)
      FSharp.Core (>= 4.7.2)
    Fable.Remoting.Client (7.16)
      Fable.Browser.XMLHttpRequest (>= 1.0)
      Fable.Core (>= 3.1.5)
      Fable.Remoting.MsgPack (>= 1.13)
      Fable.SimpleJson (>= 3.21)
      FSharp.Core (>= 4.7)
    Fable.Remoting.Giraffe (5.3)
      Fable.Remoting.Server (>= 5.23)
      FSharp.Core (>= 5.0)
      Giraffe (>= 5.0)
    Fable.Remoting.Json (2.17)
      FSharp.Core (>= 4.7.2)
      Newtonsoft.Json (>= 12.0.2)
    Fable.Remoting.MsgPack (1.13)
      FSharp.Core (>= 4.7.2)
    Fable.Remoting.Server (5.23)
      Fable.Remoting.Json (>= 2.17)
      Fable.Remoting.MsgPack (>= 1.13)
      FSharp.Core (>= 4.7.2)
    Fable.SimpleJson (3.21)
      Fable.Core (>= 3.1.5)
      Fable.Parsimmon (>= 4.0)
      FSharp.Core (>= 4.7)
    Fake.Core.CommandLineParsing (5.20.4)
      FParsec (>= 1.1.1)
      FSharp.Core (>= 4.7.2)
    Fake.Core.Context (5.20.4)
      FSharp.Core (>= 4.7.2)
    Fake.Core.Environment (5.20.4)
      FSharp.Core (>= 4.7.2)
    Fake.Core.FakeVar (5.20.4)
      Fake.Core.Context (>= 5.20.4)
      FSharp.Core (>= 4.7.2)
    Fake.Core.Process (5.20.4)
      Fake.Core.Environment (>= 5.20.4)
      Fake.Core.FakeVar (>= 5.20.4)
      Fake.Core.String (>= 5.20.4)
      Fake.Core.Trace (>= 5.20.4)
      Fake.IO.FileSystem (>= 5.20.4)
      FSharp.Core (>= 4.7.2)
      System.Collections.Immutable (>= 1.7.1)
    Fake.Core.String (5.20.4)
      FSharp.Core (>= 4.7.2)
    Fake.Core.Target (5.20.4)
      Fake.Core.CommandLineParsing (>= 5.20.4)
      Fake.Core.Context (>= 5.20.4)
      Fake.Core.Environment (>= 5.20.4)
      Fake.Core.FakeVar (>= 5.20.4)
      Fake.Core.Process (>= 5.20.4)
      Fake.Core.String (>= 5.20.4)
      Fake.Core.Trace (>= 5.20.4)
      FSharp.Control.Reactive (>= 4.4.2)
      FSharp.Core (>= 4.7.2)
    Fake.Core.Trace (5.20.4)
      Fake.Core.Environment (>= 5.20.4)
      Fake.Core.FakeVar (>= 5.20.4)
      FSharp.Core (>= 4.7.2)
    Fake.IO.FileSystem (5.20.4)
      Fake.Core.String (>= 5.20.4)
      FSharp.Core (>= 4.7.2)
    Farmer (1.6.16)
      FSharp.Core (>= 5.0)
    Feliz (1.51)
      Fable.Core (>= 3.1.5)
      Fable.React (>= 7.4)
      Feliz.CompilerPlugins (>= 1.6)
      FSharp.Core (>= 4.7.2)
    Feliz.AgGrid (0.0.2)
      Fable.Core (>= 3.2.6)
      Feliz (>= 1.43)
    Feliz.Bulma (2.15)
      Feliz (>= 1.32)
      FSharp.Core (>= 5.0)
    Feliz.Bulma.QuickView (2.0)
      Feliz (>= 1.32)
      Feliz.Bulma (>= 2.8.1)
      FSharp.Core (>= 5.0)
    Feliz.Bulma.Slider (2.0)
      Feliz (>= 1.32)
      Feliz.Bulma (>= 2.8.1)
      FSharp.Core (>= 5.0)
    Feliz.CompilerPlugins (1.6)
      Fable.AST (>= 3.0)
      FSharp.Core (>= 4.7.2)
    Feliz.PigeonMaps (2.5)
      Feliz (>= 1.38)
      FSharp.Core (>= 4.7.2)
    Feliz.ReactLoadingSkeleton (0.0.1)
      Fable.Core (>= 3.2.8)
      Feliz (>= 1.47)
    Feliz.Recharts (3.10)
      Feliz (>= 1.47)
      FSharp.Core (>= 4.7.2)
    Feliz.Tippy (0.0.4)
      Fable.Core (>= 3.2.4)
      Feliz (>= 1.33)
      FSharp.Core (>= 5.0.1)
    Feliz.UseElmish (1.5.1)
      Fable.Elmish (>= 3.0.6)
      Fable.Promise (>= 2.0)
      Feliz (>= 1.33.1)
      FSharp.Core (>= 4.7.2)
    FParsec (1.1.1)
      FSharp.Core (>= 4.3.4)
    FSharp.Control.Reactive (5.0.2)
      FSharp.Core (>= 4.7.2)
      System.Reactive (>= 5.0)
    FSharp.Control.Websockets (0.2.2)
      FSharp.Core (>= 4.3.4)
      Microsoft.IO.RecyclableMemoryStream (>= 1.2.2)
    FSharp.Core (5.0.1)
    FSharp.Data (4.1.1)
      FSharp.Core (>= 4.7.2)
    Fulma (2.14)
      Fable.Core (>= 3.2.6)
      Fable.React (>= 7.4)
    Giraffe (5.0)
      FSharp.Core (>= 5.0)
      Giraffe.ViewEngine (>= 1.3)
      Microsoft.IO.RecyclableMemoryStream (>= 1.3.6)
      Newtonsoft.Json (>= 12.0.3)
      Ply (>= 0.3.1)
      System.Text.Json (>= 5.0.2)
      Utf8Json (>= 1.3.7)
    Giraffe.ViewEngine (1.4)
      FSharp.Core (>= 5.0)
    Microsoft.AspNetCore.Authentication.JwtBearer (5.0.7)
      Microsoft.IdentityModel.Protocols.OpenIdConnect (>= 6.7.1)
    Microsoft.Azure.Core.Spatial (1.1)
      Microsoft.Spatial (>= 7.5.3)
      System.Text.Encodings.Web (>= 4.7.2)
      System.Text.Json (>= 4.6)
    Microsoft.Bcl.AsyncInterfaces (5.0)
    Microsoft.CSharp (4.7)
    Microsoft.IdentityModel.JsonWebTokens (6.11.1)
      Microsoft.IdentityModel.Tokens (>= 6.11.1)
    Microsoft.IdentityModel.Logging (6.11.1)
    Microsoft.IdentityModel.Protocols (6.11.1)
      Microsoft.IdentityModel.Logging (>= 6.11.1)
      Microsoft.IdentityModel.Tokens (>= 6.11.1)
    Microsoft.IdentityModel.Protocols.OpenIdConnect (6.11.1)
      Microsoft.IdentityModel.Protocols (>= 6.11.1)
      System.IdentityModel.Tokens.Jwt (>= 6.11.1)
    Microsoft.IdentityModel.Tokens (6.11.1)
      Microsoft.CSharp (>= 4.5)
      Microsoft.IdentityModel.Logging (>= 6.11.1)
      System.Security.Cryptography.Cng (>= 4.5)
    Microsoft.IO.RecyclableMemoryStream (2.1.2)
    Microsoft.Spatial (7.9)
    Mono.Cecil (0.11.3)
    Newtonsoft.Json (13.0.1)
    Ply (0.3.1)
      FSharp.Core (>= 4.6.2)
      System.Threading.Tasks.Extensions (>= 4.5.4)
    Saturn (0.15)
      FSharp.Control.Websockets (>= 0.2.2)
      FSharp.Core (>= 5.0.1)
      Giraffe (>= 5.0)
      Microsoft.AspNetCore.Authentication.JwtBearer (>= 5.0.7)
    System.Buffers (4.5.1)
    System.Collections.Immutable (5.0)
    System.Diagnostics.DiagnosticSource (5.0.1)
    System.Formats.Asn1 (5.0)
    System.IdentityModel.Tokens.Jwt (6.11.1)
      Microsoft.IdentityModel.JsonWebTokens (>= 6.11.1)
      Microsoft.IdentityModel.Tokens (>= 6.11.1)
    System.Memory (4.5.4)
    System.Memory.Data (1.0.2)
      System.Text.Encodings.Web (>= 4.7.2)
      System.Text.Json (>= 4.6)
    System.Numerics.Vectors (4.5)
    System.Reactive (5.0)
    System.Reflection.Emit (4.7)
    System.Reflection.Emit.Lightweight (4.7)
    System.Security.Cryptography.Cng (5.0)
      System.Formats.Asn1 (>= 5.0)
    System.Text.Encodings.Web (5.0.1)
    System.Text.Json (5.0.2)
    System.Threading.Channels (5.0)
    System.Threading.Tasks.Extensions (4.5.4)
    System.ValueTuple (4.5)
    Thoth.Json (5.1)
      Fable.Core (>= 3.1.6)
      FSharp.Core (>= 4.7.2)
    Utf8Json (1.3.7)
      System.Reflection.Emit (>= 4.3)
      System.Reflection.Emit.Lightweight (>= 4.3)
      System.Threading.Tasks.Extensions (>= 4.4)
      System.ValueTuple (>= 4.4)
