STORAGE: NONE
RESTRICTION: == net6.0
NUGET
  remote: https://api.nuget.org/v3/index.json
    Azure.Core (1.27) - restriction: && (== net5.0) (== net6.0)
    Azure.Data.Tables (12.7.1)
      Azure.Core (>= 1.26)
      System.Text.Json (>= 4.7.2)
    Azure.Search.Documents (11.4)
      Azure.Core (>= 1.25)
      System.Text.Json (>= 4.7.2)
      System.Threading.Channels (>= 4.7.1)
    Azure.Storage.Blobs (12.14.1)
      Azure.Storage.Common (>= 12.13)
      System.Text.Json (>= 4.7.2)
    Azure.Storage.Common (12.13) - restriction: && (== net5.0) (== net6.0)
    Expecto (9.0.4)
      FSharp.Core (>= 4.6)
      Mono.Cecil (>= 0.11.3)
    Fable.AST (3.1.1) - restriction: && (== net5.0) (== net6.0)
    Fable.Browser.Blob (1.3) - restriction: && (== net5.0) (== net6.0)
    Fable.Browser.Dom (2.13) - restriction: && (== net5.0) (== net6.0)
    Fable.Browser.Event (1.5) - restriction: && (== net5.0) (== net6.0)
    Fable.Browser.Gamepad (1.2) - restriction: && (== net5.0) (== net6.0)
    Fable.Browser.WebStorage (1.2) - restriction: && (== net5.0) (== net6.0)
    Fable.Browser.XMLHttpRequest (1.3) - restriction: && (== net5.0) (== net6.0)
    Fable.Core (3.7.1)
    Fable.Elmish (3.1)
      Fable.Core (>= 3.0)
      FSharp.Core (>= 4.6.2)
    Fable.Elmish.Browser (3.0.5) - restriction: && (== net5.0) (== net6.0)
    Fable.Elmish.Debugger (3.2)
      Fable.Core (>= 3.1.5)
      Fable.Elmish (>= 3.0)
      FSharp.Core (>= 4.7)
      Thoth.Json (>= 4.0)
    Fable.Elmish.HMR (4.1)
      Fable.Core (>= 3.0)
      Fable.Elmish.Browser (>= 3.0.4)
      Fable.Elmish.React (>= 3.0.1)
      FSharp.Core (>= 4.6.2)
    Fable.Elmish.React (3.0.1)
      Fable.Core (>= 3.0)
      Fable.Elmish (>= 3.0)
      Fable.React (>= 5.1)
      FSharp.Core (>= 4.6.2)
    Fable.FontAwesome (2.0) - restriction: && (== net5.0) (== net6.0)
    Fable.FontAwesome.Free (2.1)
      Fable.Core (>= 3.0)
      Fable.FontAwesome (>= 2.0)
      Fable.React (>= 5.1)
    Fable.Mocha (2.15)
      Fable.Core (>= 3.0)
      FSharp.Core (>= 4.7)
    Fable.Parsimmon (4.1) - restriction: && (== net5.0) (== net6.0)
    Fable.Promise (2.2.2) - restriction: && (== net5.0) (== net6.0)
    Fable.React (7.4.3)
      Fable.Browser.Dom (>= 2.4.4)
      Fable.Core (>= 3.2.7)
      FSharp.Core (>= 4.7.2)
    Fable.Remoting.Client (7.25)
      Fable.Browser.XMLHttpRequest (>= 1.0)
      Fable.Core (>= 3.1.5)
      Fable.Remoting.MsgPack (>= 1.18)
      Fable.SimpleJson (>= 3.24)
      FSharp.Core (>= 4.7.2)
    Fable.Remoting.Giraffe (5.12)
      Fable.Remoting.Server (>= 5.31)
      FSharp.Core (>= 5.0)
      Giraffe (>= 5.0)
      Microsoft.IO.RecyclableMemoryStream (>= 2.1.3 < 3.0)
    Fable.Remoting.Json (2.23) - restriction: && (== net5.0) (== net6.0)
    Fable.Remoting.MsgPack (1.18) - restriction: && (== net5.0) (== net6.0)
    Fable.Remoting.Server (5.32) - restriction: && (== net5.0) (== net6.0)
    Fable.SimpleJson (3.24) - restriction: && (== net5.0) (== net6.0)
    Fake.Core.CommandLineParsing (5.23.1) - restriction: && (== net5.0) (== net6.0)
    Fake.Core.Context (5.23.1) - restriction: && (== net5.0) (== net6.0)
    Fake.Core.Environment (5.23.1) - restriction: && (== net5.0) (== net6.0)
    Fake.Core.FakeVar (5.23.1) - restriction: && (== net5.0) (== net6.0)
    Fake.Core.Process (5.23.1) - restriction: && (== net5.0) (== net6.0)
    Fake.Core.String (5.23.1) - restriction: && (== net5.0) (== net6.0)
    Fake.Core.Target (5.20.4)
      Fake.Core.CommandLineParsing (>= 5.20.4)
      Fake.Core.Context (>= 5.20.4)
      Fake.Core.Environment (>= 5.20.4)
      Fake.Core.FakeVar (>= 5.20.4)
      Fake.Core.Process (>= 5.20.4)
      Fake.Core.String (>= 5.20.4)
      Fake.Core.Trace (>= 5.20.4)
      FSharp.Control.Reactive (>= 4.4.2)
      FSharp.Core (>= 4.7.2)
    Fake.Core.Trace (5.23.1) - restriction: && (== net5.0) (== net6.0)
    Fake.IO.FileSystem (5.20.4)
      Fake.Core.String (>= 5.20.4)
      FSharp.Core (>= 4.7.2)
    Farmer (1.7.13)
      FSharp.Core (>= 5.0)
      System.Text.Json (>= 5.0)
    Feliz (1.68)
      Fable.Core (>= 3.1.5)
      Fable.React (>= 7.4)
      Feliz.CompilerPlugins (>= 1.10)
      FSharp.Core (>= 4.7.2)
    Feliz.AgGrid (0.0.5)
      Fable.Core (>= 3.7.1)
      Feliz (>= 1.65)
    Feliz.Bulma (2.19)
      Feliz (>= 1.32)
      FSharp.Core (>= 4.7.2)
    Feliz.Bulma.QuickView (2.0)
      Feliz (>= 1.32)
      Feliz.Bulma (>= 2.8.1)
      FSharp.Core (>= 5.0)
    Feliz.Bulma.Slider (2.0)
      Feliz (>= 1.32)
      Feliz.Bulma (>= 2.8.1)
      FSharp.Core (>= 5.0)
    Feliz.CompilerPlugins (1.10) - restriction: && (== net5.0) (== net6.0)
    Feliz.PigeonMaps (2.7)
      Feliz (>= 1.68)
      FSharp.Core (>= 4.7.2)
    Feliz.ReactLoadingSkeleton (0.0.1)
      Fable.Core (>= 3.2.8)
      Feliz (>= 1.47)
    Feliz.Recharts (3.16)
      Feliz (>= 1.68)
      FSharp.Core (>= 4.7.2)
    Feliz.Tippy (0.0.4)
      Fable.Core (>= 3.2.4)
      Feliz (>= 1.33)
      FSharp.Core (>= 5.0.1)
    Feliz.UseElmish (1.6)
      Fable.Elmish (>= 3.0.6)
      Feliz (>= 1.55)
      FSharp.Core (>= 4.7.2)
    FParsec (1.1.1) - restriction: && (== net5.0) (== net6.0)
    FSharp.Control.AsyncSeq (3.2.1)
      FSharp.Core (>= 4.7.2)
      Microsoft.Bcl.AsyncInterfaces (>= 5.0)
    FSharp.Control.Reactive (5.0.5) - restriction: && (== net5.0) (== net6.0)
    FSharp.Control.Websockets (0.2.3) - restriction: && (== net5.0) (== net6.0)
    FSharp.Core (5.0.2)
    FSharp.Data (4.2.10)
      FSharp.Core (>= 5.0.1)
    Fulma (2.16)
      Fable.Core (>= 3.2.6)
      Fable.React (>= 7.4)
    Giraffe (5.0) - restriction: && (== net5.0) (== net6.0)
    Giraffe.ViewEngine (1.4) - restriction: && (== net5.0) (== net6.0)
    Microsoft.AspNetCore.Authentication.JwtBearer (5.0.17) - restriction: && (== net5.0) (== net6.0)
    Microsoft.AspNetCore.Http.Features (5.0.17) - restriction: && (== net5.0) (== net6.0)
    Microsoft.Azure.Core.Spatial (1.1)
      Microsoft.Spatial (>= 7.5.3)
      System.Text.Encodings.Web (>= 4.7.2)
      System.Text.Json (>= 4.6)
    Microsoft.Bcl.AsyncInterfaces (5.0) - restriction: && (== net5.0) (== net6.0)
    Microsoft.CSharp (4.7) - restriction: && (== net5.0) (== net6.0)
    Microsoft.Extensions.Configuration (5.0) - restriction: && (== net5.0) (== net6.0)
    Microsoft.Extensions.Configuration.Abstractions (5.0) - restriction: && (== net5.0) (== net6.0)
    Microsoft.Extensions.Configuration.Binder (5.0) - restriction: && (== net5.0) (== net6.0)
    Microsoft.Extensions.DependencyInjection (5.0.2) - restriction: && (== net5.0) (== net6.0)
    Microsoft.Extensions.DependencyInjection.Abstractions (5.0) - restriction: && (== net5.0) (== net6.0)
    Microsoft.Extensions.DependencyModel (5.0) - restriction: && (== net5.0) (== net6.0)
    Microsoft.Extensions.FileProviders.Abstractions (5.0) - restriction: && (== net5.0) (== net6.0)
    Microsoft.Extensions.Hosting.Abstractions (5.0) - restriction: && (== net5.0) (== net6.0)
    Microsoft.Extensions.Logging (5.0) - restriction: && (== net5.0) (== net6.0)
    Microsoft.Extensions.Logging.Abstractions (5.0) - restriction: && (== net5.0) (== net6.0)
    Microsoft.Extensions.Logging.Configuration (5.0) - restriction: && (== net5.0) (== net6.0)
    Microsoft.Extensions.Options (5.0) - restriction: && (== net5.0) (== net6.0)
    Microsoft.Extensions.Options.ConfigurationExtensions (5.0) - restriction: && (== net5.0) (== net6.0)
    Microsoft.Extensions.Primitives (5.0.1) - restriction: && (== net5.0) (== net6.0)
    Microsoft.IdentityModel.JsonWebTokens (6.26) - restriction: && (== net5.0) (== net6.0)
    Microsoft.IdentityModel.Logging (6.26) - restriction: && (== net5.0) (== net6.0)
    Microsoft.IdentityModel.Protocols (6.26) - restriction: && (== net5.0) (== net6.0)
    Microsoft.IdentityModel.Protocols.OpenIdConnect (6.26) - restriction: && (== net5.0) (== net6.0)
    Microsoft.IdentityModel.Tokens (6.26) - restriction: && (== net5.0) (== net6.0)
    Microsoft.IO.RecyclableMemoryStream (2.2.1) - restriction: && (== net5.0) (== net6.0)
    Microsoft.Spatial (7.14)
    Mono.Cecil (0.11.4) - restriction: && (== net5.0) (== net6.0)
    Newtonsoft.Json (13.0.2) - restriction: && (== net5.0) (== net6.0)
    OpenTelemetry (1.4.0-rc.2) - restriction: && (== net5.0) (== net6.0)
    OpenTelemetry.Api (1.4.0-rc.2) - restriction: && (== net5.0) (== net6.0)
    OpenTelemetry.Exporter.Console (1.3.2)
      OpenTelemetry (>= 1.3.2)
      System.Text.Json (>= 4.7)
    OpenTelemetry.Extensions.Hosting (1.4.0-rc.2)
      Microsoft.Extensions.Hosting.Abstractions (>= 2.1)
      OpenTelemetry (>= 1.4.0-rc.2)
    OpenTelemetry.Instrumentation.AspNetCore (1.0.0-rc9.11)
      OpenTelemetry (>= 1.4.0-rc.2)
    Ply (0.3.1) - restriction: && (== net5.0) (== net6.0)
    Saturn (0.15)
      FSharp.Control.Websockets (>= 0.2.2)
      FSharp.Core (>= 5.0.1)
      Giraffe (>= 5.0)
      Microsoft.AspNetCore.Authentication.JwtBearer (>= 5.0.7)
    Serilog (2.12) - restriction: && (== net5.0) (== net6.0)
    Serilog.AspNetCore (4.1)
      Microsoft.Extensions.DependencyInjection (>= 5.0)
      Microsoft.Extensions.Logging (>= 5.0)
      Serilog (>= 2.10)
      Serilog.Extensions.Hosting (>= 4.1.2)
      Serilog.Formatting.Compact (>= 1.1)
      Serilog.Settings.Configuration (>= 3.1)
      Serilog.Sinks.Console (>= 3.1.1)
      Serilog.Sinks.Debug (>= 2.0)
      Serilog.Sinks.File (>= 4.1)
    Serilog.Extensions.Hosting (4.2) - restriction: && (== net5.0) (== net6.0)
    Serilog.Extensions.Logging (3.1) - restriction: && (== net5.0) (== net6.0)
    Serilog.Formatting.Compact (1.1) - restriction: && (== net5.0) (== net6.0)
    Serilog.Settings.Configuration (3.4) - restriction: && (== net5.0) (== net6.0)
    Serilog.Sinks.Console (4.1)
      Serilog (>= 2.10)
    Serilog.Sinks.Debug (2.0) - restriction: && (== net5.0) (== net6.0)
    Serilog.Sinks.File (5.0) - restriction: && (== net5.0) (== net6.0)
    System.Collections.Immutable (5.0) - restriction: && (== net5.0) (== net6.0)
    System.Diagnostics.DiagnosticSource (6.0.2-mauipre.1.22102.15) - restriction: && (== net5.0) (== net6.0)
    System.Formats.Asn1 (5.0) - restriction: && (== net5.0) (== net6.0)
    System.IdentityModel.Tokens.Jwt (6.26) - restriction: && (== net5.0) (== net6.0)
    System.IO.Pipelines (5.0.2) - restriction: && (== net5.0) (== net6.0)
    System.Memory.Data (1.0.2) - restriction: && (== net5.0) (== net6.0)
    System.Numerics.Vectors (4.5) - restriction: && (== net5.0) (== net6.0)
    System.Reactive (5.0) - restriction: && (== net5.0) (== net6.0)
    System.Reflection.Emit (4.7) - restriction: && (== net5.0) (== net6.0)
    System.Reflection.Emit.Lightweight (4.7) - restriction: && (== net5.0) (== net6.0)
    System.Runtime.CompilerServices.Unsafe (6.0.2-mauipre.1.22102.15) - restriction: && (== net5.0) (== net6.0)
    System.Security.Cryptography.Cng (5.0) - restriction: && (== net5.0) (== net6.0)
    System.Text.Encodings.Web (5.0.1) - restriction: && (== net5.0) (== net6.0)
    System.Text.Json (5.0.2) - restriction: && (== net5.0) (== net6.0)
    System.Threading.Channels (5.0) - restriction: && (== net5.0) (== net6.0)
    System.Threading.Tasks.Extensions (4.5.4) - restriction: && (== net5.0) (== net6.0)
    System.ValueTuple (4.5) - restriction: && (== net5.0) (== net6.0)
    Thoth.Json (5.1) - restriction: && (== net5.0) (== net6.0)
    Utf8Json (1.3.7) - restriction: && (== net5.0) (== net6.0)
